GEM
  remote: https://rubygems.org/
  specs:
    anyway_config (1.4.4)
    ast (2.4.0)
    litecable (0.6.0)
      anyway_config (>= 1.0)
    parser (2.6.3.0)
      ast (~> 2.4.0)
    puma (3.12.1)
    rubrowser (2.7.1)
      litecable
      parser (~> 2.3, >= 2.3.0)
      puma
      websocket
    websocket (1.2.8)

PLATFORMS
  ruby

DEPENDENCIES
  rubrowser

BUNDLED WITH
   1.16.6
